GEM
  remote: https://rubygems.org/
  specs:
    power_assert (2.0.5)
    rake (13.2.1)
    test-unit (3.6.7)
      power_assert

PLATFORMS
  ruby
  x86_64-darwin-22

DEPENDENCIES
  rake
  test-unit

BUNDLED WITH
   2.6.2
